{
	"TaskName": "Motor",
	"Modality": "MR",
	"MagneticFieldStrength": 3,
	"ImagingFrequency": 123.256,
	"Manufacturer": "Siemens",
	"ManufacturersModelName": "TrioTim",
	"InstitutionName": "Washington_University",
	"InstitutionalDepartmentName": "Department",
	"InstitutionAddress": "Scott_Ave._4525_St._Louis_MO_US_63110",
	"DeviceSerialNumber": "35177",
	"StationName": "MRC35177",
	"BodyPartExamined": "HEAD",
	"PatientPosition": "HFS",
	"ProcedureStepDescription": "head_Dosenbach_MSC",
	"SoftwareVersions": "syngo_MR_B17",
	"MRAcquisitionType": "2D",
	"SeriesDescription": "Motor_104Frames_36Slices_TR2.2",
	"ProtocolName": "Motor_104Frames_36Slices_TR2.2",
	"ScanningSequence": "EP",
	"SequenceVariant": "SK",
	"ScanOptions": "FS",
	"SequenceName": "_epfid2d1_64",
	"ImageType": ["ORIGINAL", "PRIMARY", "M", "ND", "NORM", "MOSAIC"],
	"SeriesNumber": 10,
	"AcquisitionTime": "06:29:47.537500",
	"AcquisitionNumber": 1,
	"SliceThickness": 4,
	"SpacingBetweenSlices": 4,
	"SAR": 0.191303,
	"EchoTime": 0.027,
	"RepetitionTime": 2.2,
	"FlipAngle": 90,
	"PartialFourier": 1,
	"BaseResolution": 64,
	"ShimSetting": [
		-224,
		-19533,
		8008,
		256,
		10,
		-373,
		261,
		-53	],
	"TxRefAmp": 316.946,
	"PhaseResolution": 1,
	"ReceiveCoilName": "HeadMatrix",
	"CoilString": "t:HEA;HEP",
	"PulseSequenceDetails": "%SiemensSeq%_ep2d_bold",
	"PercentPhaseFOV": 100,
	"PhaseEncodingSteps": 64,
	"AcquisitionMatrixPE": 64,
	"ReconMatrixPE": 64,
	"BandwidthPerPixelPhaseEncode": 26.483,
	"EffectiveEchoSpacing": 0.000590001,
	"DerivedVendorReportedEchoSpacing": 0.000590001,
	"TotalReadoutTime": 0.0371701,
	"PixelBandwidth": 1905,
	"DwellTime": 4.1e-06,
	"PhaseEncodingDirection": "j-",
	"SliceTiming": [
		1.105,
		0,
		1.165,
		0.0625,
		1.2275,
		0.1225,
		1.2875,
		0.185,
		1.35,
		0.245,
		1.41,
		0.3075,
		1.4725,
		0.3675,
		1.535,
		0.43,
		1.595,
		0.49,
		1.6575,
		0.5525,
		1.7175,
		0.6125,
		1.78,
		0.675,
		1.84,
		0.7375,
		1.9025,
		0.7975,
		1.9625,
		0.86,
		2.025,
		0.92,
		2.085,
		0.9825,
		2.1475,
		1.0425	],
	"ImageOrientationPatientDICOM": [
		0.999919,
		-0.0034355,
		-0.0122625,
		0.00415687,
		0.998232,
		0.0592956	],
	"InPlanePhaseEncodingDirectionDICOM": "COL",
	"ConversionSoftware": "dcm2niix",
	"ConversionSoftwareVersion": "v1.0.20181125  GCC4.4.7"
}
